GIT
  remote: https://github.com/brentsowers1/googlestaticmap.git
  revision: 7c1f589561eb4c0858f1c27eb75be2b173bdfae0
  specs:
    googlestaticmap (0.1.5)

GIT
  remote: https://github.com/cmeiklejohn/authlogic.git
  revision: 69995f98c7db9b9b65e6241c72593c00f1004e5e
  specs:
    authlogic (2.1.6)
      activesupport

GIT
  remote: https://github.com/thoughtbot/paperclip.git
  revision: 13d51e3120e67b2b8b0b4d550968235dc90defb9
  specs:
    paperclip (2.3.10)
      activerecord (>= 2.3.0)
      activesupport (>= 2.3.2)

GEM
  remote: http://rubygems.org/
  specs:
    ZenTest (4.5.0)
    abstract (1.0.0)
    actionmailer (3.0.6)
      actionpack (= 3.0.6)
      mail (~> 2.2.15)
    actionpack (3.0.6)
      activemodel (= 3.0.6)
      activesupport (= 3.0.6)
      builder (~> 2.1.2)
      erubis (~> 2.6.6)
      i18n (~> 0.5.0)
      rack (~> 1.2.1)
      rack-mount (~> 0.6.14)
      rack-test (~> 0.5.7)
      tzinfo (~> 0.3.23)
    activemodel (3.0.6)
      activesupport (= 3.0.6)
      builder (~> 2.1.2)
      i18n (~> 0.5.0)
    activerecord (3.0.6)
      activemodel (= 3.0.6)
      activesupport (= 3.0.6)
      arel (~> 2.0.2)
      tzinfo (~> 0.3.23)
    activeresource (3.0.6)
      activemodel (= 3.0.6)
      activesupport (= 3.0.6)
    activesupport (3.0.6)
    acts_as_list (0.1.2)
    arel (2.0.9)
    autotest-rails (4.1.0)
      ZenTest
    builder (2.1.2)
    erubis (2.6.6)
      abstract (>= 1.0.0)
    haml (3.1.0)
    i18n (0.5.0)
    mail (2.2.15)
      activesupport (>= 2.3.6)
      i18n (>= 0.4.0)
      mime-types (~> 1.16)
      treetop (~> 1.4.8)
    mime-types (1.16)
    mysql2 (0.2.11)
    polyglot (0.3.1)
    rack (1.2.2)
    rack-mount (0.6.14)
      rack (>= 1.0.0)
    rack-test (0.5.7)
      rack (>= 1.0)
    rails (3.0.6)
      actionmailer (= 3.0.6)
      actionpack (= 3.0.6)
      activerecord (= 3.0.6)
      activeresource (= 3.0.6)
      activesupport (= 3.0.6)
      bundler (~> 1.0)
      railties (= 3.0.6)
    railties (3.0.6)
      actionpack (= 3.0.6)
      activesupport (= 3.0.6)
      rake (>= 0.8.7)
      thor (~> 0.14.4)
    rake (0.8.7)
    thor (0.14.6)
    treetop (1.4.9)
      polyglot (>= 0.3.1)
    tzinfo (0.3.26)

PLATFORMS
  ruby

DEPENDENCIES
  ZenTest
  acts_as_list
  authlogic!
  autotest-rails
  googlestaticmap!
  haml
  mysql2 (~> 0.2.0)
  paperclip!
  rails (= 3.0.6)
